NUGET
  remote: https://www.nuget.org/api/v2
    FAKE (4.50)
    FSharp.Core (4.0.0.1)
    FsUnit (2.3.2)
      FSharp.Core (>= 3.1.2.5)
      NUnit (3.5)
    NUnit (3.5)
